GEM
  remote: https://rubygems.org/
  specs:
    rake (10.1.0)
    rb-fsevent (0.9.3)
    sass (3.2.10)

PLATFORMS
  ruby

DEPENDENCIES
  rake
  rb-fsevent
  sass (~> 3.2)
